PATH
  remote: .
  specs:
    gltail (0.1.9)
      chipmunk
      file-tail
      net-ssh (>= 1.1.4)
      net-ssh-gateway
      opengl (~> 0.8.0)

GEM
  remote: https://rubygems.org/
  specs:
    chipmunk (5.3.4.5)
    file-tail (1.0.12)
      tins (~> 0.5)
    net-ssh (2.6.5)
    net-ssh-gateway (1.2.0)
      net-ssh (>= 2.6.5)
    opengl (0.8.0)
    tins (0.7.0)

PLATFORMS
  ruby

DEPENDENCIES
  gltail!
